GEM
  remote: https://rubygems.org/
  specs:
    addressable (2.3.6)
    bourbon (4.0.2)
      sass (~> 3.3)
      thor
    coffee-script (2.3.0)
      coffee-script-source
      execjs
    coffee-script-source (1.8.0)
    execjs (2.2.2)
    fitgem (0.10.0)
      oauth
    hike (1.2.3)
    json (1.8.1)
    multi_json (1.10.1)
    oauth (0.4.7)
    puma (2.9.1)
      rack (>= 1.1, < 2.0)
    rack (1.5.2)
    rack-canonical-host (0.1.0)
      addressable
      rack (~> 1.0)
    rack-protection (1.5.3)
      rack
    rake (10.3.2)
    redis (3.1.0)
    sass (3.4.5)
    shotgun (0.9)
      rack (>= 1.0)
    sinatra (1.4.5)
      rack (~> 1.4)
      rack-protection (~> 1.4)
      tilt (~> 1.3, >= 1.3.4)
    sprockets (2.12.2)
      hike (~> 1.2)
      multi_json (~> 1.0)
      rack (~> 1.0)
      tilt (~> 1.1, != 1.3.0)
    sprockets-sass (1.2.0)
      sprockets (~> 2.0)
      tilt (~> 1.1)
    thor (0.19.1)
    tilt (1.4.1)
    uglifier (2.5.3)
      execjs (>= 0.3.0)
      json (>= 1.8.0)

PLATFORMS
  ruby

DEPENDENCIES
  bourbon
  coffee-script
  fitgem
  puma
  rack-canonical-host
  rake
  redis
  sass
  shotgun
  sinatra
  sprockets
  sprockets-sass
  uglifier
